GEM
  remote: http://rubygems.org/
  specs:
    net-scp (1.1.0)
      net-ssh (>= 2.6.5)
    net-ssh (2.6.6)

PLATFORMS
  ruby

DEPENDENCIES
  net-scp (= 1.1.0)
  net-ssh (= 2.6.6)
